GEM
  remote: http://rubygems.org/
  specs:
    addressable (2.2.8)
    chunky_png (1.2.5)
    compass (0.12.1)
      chunky_png (~> 1.2)
      fssm (>= 0.2.7)
      sass (~> 3.1)
    crack (0.3.1)
    daemons (1.1.8)
    diff-lcs (1.1.3)
    eventmachine (0.12.10)
    fssm (0.2.9)
    hashie (1.2.0)
    rack (1.4.1)
    rack-protection (1.2.0)
      rack
    rake (0.9.2.2)
    rspec (2.10.0)
      rspec-core (~> 2.10.0)
      rspec-expectations (~> 2.10.0)
      rspec-mocks (~> 2.10.0)
    rspec-core (2.10.1)
    rspec-expectations (2.10.0)
      diff-lcs (~> 1.1.3)
    rspec-mocks (2.10.1)
    sass (3.1.19)
    shotgun (0.9)
      rack (>= 1.0)
    sinatra (1.3.2)
      rack (~> 1.3, >= 1.3.6)
      rack-protection (~> 1.2)
      tilt (~> 1.3, >= 1.3.3)
    slim (1.2.1)
      temple (~> 0.4.0)
      tilt (~> 1.3.3)
    temple (0.4.0)
    thin (1.3.1)
      daemons (>= 1.0.9)
      eventmachine (>= 0.12.6)
      rack (>= 1.0.0)
    tilt (1.3.3)
    webmock (1.8.7)
      addressable (>= 2.2.7)
      crack (>= 0.1.7)
    zmq (2.1.4)

PLATFORMS
  ruby

DEPENDENCIES
  compass
  hashie
  rake
  rspec
  sass
  shotgun
  sinatra
  slim
  thin
  webmock
  zmq
